GEM
  remote: http://rubygems.org/
  specs:
    diff-lcs (1.1.2)
    facets (2.9.1)
    fattr (2.2.0)
    git (1.2.5)
    jeweler (1.5.2)
      bundler (~> 1.0.0)
      git (>= 1.2.5)
      rake
    mharris_ext (1.5.0)
      facets
      fattr
    rake (0.8.7)
    rcov (0.9.9)
    rspec (2.3.0)
      rspec-core (~> 2.3.0)
      rspec-expectations (~> 2.3.0)
      rspec-mocks (~> 2.3.0)
    rspec-core (2.3.1)
    rspec-expectations (2.3.0)
      diff-lcs (~> 1.1.2)
    rspec-mocks (2.3.0)
    watchr (0.7)

PLATFORMS
  x86-mingw32

DEPENDENCIES
  bundler (~> 1.0.0)
  fattr
  jeweler (~> 1.5.2)
  mharris_ext
  rake
  rcov
  rspec (~> 2.3.0)
  watchr
