GEM
  remote: http://rubygems.org/
  specs:
    addressable (2.3.6)
    builder (3.2.2)
    diff-lcs (1.1.3)
    facets (2.9.3)
    faraday (0.8.9)
      multipart-post (~> 1.2.0)
    fattr (2.2.2)
    git (1.2.6)
    github-markup (1.2.1)
      posix-spawn (~> 0.3.8)
    github_api (0.10.1)
      addressable
      faraday (~> 0.8.1)
      hashie (>= 1.2)
      multi_json (~> 1.4)
      nokogiri (~> 1.5.2)
      oauth2
    hashie (2.1.1)
    highline (1.6.21)
    jeweler (1.8.8)
      builder
      bundler (~> 1.0)
      git (>= 1.2.5)
      github_api (= 0.10.1)
      highline (>= 1.6.15)
      nokogiri (= 1.5.10)
      rake
      rdoc
    json (1.8.1)
    jwt (0.1.11)
      multi_json (>= 1.5)
    mharris_ext (1.7.1)
      facets
      fattr
    multi_json (1.9.3)
    multi_xml (0.5.5)
    multipart-post (1.2.0)
    nokogiri (1.5.10)
    nokogiri (1.5.10-x86-mingw32)
    oauth2 (0.9.3)
      faraday (>= 0.8, < 0.10)
      jwt (~> 0.1.8)
      multi_json (~> 1.3)
      multi_xml (~> 0.5)
      rack (~> 1.2)
    posix-spawn (0.3.8)
    rack (1.5.2)
    rake (10.3.1)
    rdiscount (2.1.7.1)
    rdoc (3.12.2)
      json (~> 1.4)
    rspec (2.8.0)
      rspec-core (~> 2.8.0)
      rspec-expectations (~> 2.8.0)
      rspec-mocks (~> 2.8.0)
    rspec-core (2.8.0)
    rspec-expectations (2.8.0)
      diff-lcs (~> 1.1.2)
    rspec-mocks (2.8.0)
    watchr (0.7)

PLATFORMS
  ruby
  x86-mingw32

DEPENDENCIES
  bundler (>= 1.0)
  fattr
  github-markup
  jeweler (~> 1.8.7)
  mharris_ext
  rdiscount
  rdoc (~> 3.12)
  rspec (~> 2.8.0)
  watchr
